GEM
  remote: https://rubygems.org/
  specs:
    cowsay (0.3.0)

PLATFORMS
  x86_64-linux

DEPENDENCIES
  cowsay (~> 0.3.0)

BUNDLED WITH
   2.2.9
